GEM
  remote: https://rubygems.org/
  specs:
    dotenv (2.3.0)
    faraday (0.15.0)
      multipart-post (>= 1.2, < 3)
    jwt (2.1.0)
    mini_portile2 (2.8.0)
    multipart-post (2.0.0)
    mustermann (1.0.2)
    nokogiri (1.13.6)
      mini_portile2 (~> 2.8.0)
      racc (~> 1.4)
    racc (1.6.0)
    rack (2.0.4)
    rack-protection (2.0.1)
      rack
    sinatra (2.0.1)
      mustermann (~> 1.0)
      rack (~> 2.0)
      rack-protection (= 2.0.1)
      tilt (~> 2.0)
    tilt (2.0.8)
    twilio-ruby (5.8.1)
      faraday (~> 0.9)
      jwt (>= 1.5, <= 2.5)
      nokogiri (>= 1.6, < 2.0)

PLATFORMS
  ruby

DEPENDENCIES
  dotenv
  sinatra
  twilio-ruby

BUNDLED WITH
   1.16.1
